GEM
  remote: https://rubygems.org/
  specs:
    ascii-charts (0.9.3)
    curses (1.3.1)

PLATFORMS
  ruby

DEPENDENCIES
  ascii-charts (~> 0.9.3)
  curses (~> 1.3)

BUNDLED WITH
   2.0.2
